GEM
  remote: https://rubygems.org/
  specs:
    actionmailer (2.3.15)
      actionpack (= 2.3.15)
    actionpack (2.3.15)
      activesupport (= 2.3.15)
      rack (~> 1.1.3)
    activerecord (2.3.15)
      activesupport (= 2.3.15)
    activeresource (2.3.15)
      activesupport (= 2.3.15)
    activesupport (2.3.15)
    builder (2.1.2)
    color (1.4.1)
    columnize (0.3.6)
    daemons (1.1.9)
    eventmachine (1.0.0)
    fpdf (1.53)
    linecache (0.46)
      rbx-require-relative (> 0.0.4)
    pdf-writer (1.1.8)
      color (>= 1.4.0)
      transaction-simple (~> 1.3)
    rack (1.1.5)
    rails (2.3.15)
      actionmailer (= 2.3.15)
      actionpack (= 2.3.15)
      activerecord (= 2.3.15)
      activeresource (= 2.3.15)
      activesupport (= 2.3.15)
      rake (>= 0.8.3)
    rake (10.0.3)
    rbx-require-relative (0.0.9)
    ruby-debug (0.10.4)
      columnize (>= 0.1)
      ruby-debug-base (~> 0.10.4.0)
    ruby-debug-base (0.10.4)
      linecache (>= 0.3)
    sqlite3 (1.3.7)
    thin (1.5.0)
      daemons (>= 1.0.9)
      eventmachine (>= 0.12.6)
      rack (>= 1.0.0)
    transaction-simple (1.4.0.2)
    xml-simple (1.0.11)

PLATFORMS
  ruby

DEPENDENCIES
  builder (= 2.1.2)
  fpdf (= 1.53)
  pdf-writer
  rails (= 2.3.15)
  ruby-debug
  sqlite3
  thin
  xml-simple (= 1.0.11)
